PATH
  remote: .
  specs:
    fluent-plugin-gelf-best (1.4.0)
      fluentd (>= 1.8.0)
      gelf_redux (>= 4.1.0)
      oj

GEM
  remote: https://rubygems.org/
  specs:
    base64 (0.2.0)
    bigdecimal (3.1.9)
    concurrent-ruby (1.3.5)
    cool.io (1.9.0)
    csv (3.3.2)
    drb (2.2.1)
    fluentd (1.18.0)
      base64 (~> 0.2)
      bundler
      cool.io (>= 1.4.5, < 2.0.0)
      csv (~> 3.2)
      drb (~> 2.2)
      http_parser.rb (>= 0.5.1, < 0.9.0)
      logger (~> 1.6)
      msgpack (>= 1.3.1, < 2.0.0)
      serverengine (>= 2.3.2, < 3.0.0)
      sigdump (~> 0.2.5)
      strptime (>= 0.2.4, < 1.0.0)
      tzinfo (>= 1.0, < 3.0)
      tzinfo-data (~> 1.0)
      webrick (~> 1.4)
      yajl-ruby (~> 1.0)
    gelf_redux (4.1.0)
      json
    http_parser.rb (0.8.0)
    json (2.10.2)
    logger (1.6.6)
    msgpack (1.8.0)
    oj (3.16.10)
      bigdecimal (>= 3.0)
      ostruct (>= 0.2)
    ostruct (0.6.1)
    power_assert (2.0.5)
    rake (13.2.1)
    serverengine (2.4.0)
      base64 (~> 0.1)
      logger (~> 1.4)
      sigdump (~> 0.2.2)
    sigdump (0.2.5)
    strptime (0.2.5)
    test-unit (3.6.7)
      power_assert
    tzinfo (2.0.6)
      concurrent-ruby (~> 1.0)
    tzinfo-data (1.2025.1)
      tzinfo (>= 1.0.0)
    webrick (1.9.1)
    yajl-ruby (1.4.3)

PLATFORMS
  ruby
  x86_64-linux-gnu

DEPENDENCIES
  fluent-plugin-gelf-best!
  rake
  test-unit

BUNDLED WITH
   2.6.6
